GEM
  remote: http://rubygems.org/
  specs:
    jruby-rack (1.0.10)
    rack (1.3.2)
    sinatra (1.2.6)
      rack (~> 1.1)
      tilt (>= 1.2.2, < 2.0)
    tilt (1.3.3)

PLATFORMS
  java

DEPENDENCIES
  jruby-rack
  sinatra
